GEM
  remote: https://rubygems.org/
  specs:
    execjs (2.6.0)
    json (1.8.3)
    uglifier (2.7.2)
      execjs (>= 0.3.0)
      json (>= 1.8.0)

PLATFORMS
  ruby

DEPENDENCIES
  uglifier

BUNDLED WITH
   1.11.2
